GEM
  remote: https://rubygems.org/
  specs:
    nokogiri (1.16.7-x86_64-linux)
      racc (~> 1.4)
    racc (1.8.1)
    roo (2.10.1)
      nokogiri (~> 1)
      rubyzip (>= 1.3.0, < 3.0.0)
    rubyzip (2.3.2)
    thor (1.3.2)

PLATFORMS
  x86_64-linux-gnu

DEPENDENCIES
  roo (~> 2.10.0)
  thor

BUNDLED WITH
   2.4.22
